GIT
  remote: https://github.com/errorstudio/errorstudio_capistrano_recipes
  revision: c587ee01a1150ea2bcb29cd36f74fcb8776e423b
  specs:
    errorstudio_capistrano_recipes (0.1.16)
      capistrano (~> 3.11.0)
      capistrano-bundler
      capistrano-composer (>= 0.0.6)
      capistrano-passenger
      capistrano-rails
      rvm1-capistrano3

GEM
  remote: https://rubygems.org/
  specs:
    airbrussh (1.4.0)
      sshkit (>= 1.6.1, != 1.7.0)
    capistrano (3.11.2)
      airbrussh (>= 1.0.0)
      i18n
      rake (>= 10.0.0)
      sshkit (>= 1.9.0)
    capistrano-bundler (1.6.0)
      capistrano (~> 3.1)
    capistrano-composer (0.0.6)
      capistrano (>= 3.0.0.pre)
    capistrano-passenger (0.2.0)
      capistrano (~> 3.0)
    capistrano-rails (1.4.0)
      capistrano (~> 3.1)
      capistrano-bundler (~> 1.1)
    concurrent-ruby (1.1.6)
    i18n (1.8.2)
      concurrent-ruby (~> 1.0)
    net-scp (2.0.0)
      net-ssh (>= 2.6.5, < 6.0.0)
    net-ssh (5.2.0)
    rake (13.0.1)
    rvm1-capistrano3 (1.4.0)
      capistrano (~> 3.0)
      sshkit (>= 1.2)
    sshkit (1.20.0)
      net-scp (>= 1.1.2)
      net-ssh (>= 2.8.0)

PLATFORMS
  ruby

DEPENDENCIES
  errorstudio_capistrano_recipes!

BUNDLED WITH
   1.16.6
